GEM
  remote: https://rubygems.org/
  specs:
    byebug (11.1.3)
    httparty (0.18.1)
      mime-types (~> 3.0)
      multi_xml (>= 0.5.2)
    mime-types (3.3.1)
      mime-types-data (~> 3.2015)
    mime-types-data (3.2021.0225)
    multi_xml (0.6.0)
    nokogiri (1.11.3-x86_64-linux)
      racc (~> 1.4)
    racc (1.5.2)
    rubycop (1.0.1)

PLATFORMS
  x86_64-linux

DEPENDENCIES
  byebug
  httparty
  nokogiri
  rubycop

RUBY VERSION
   ruby 2.7.1p83

BUNDLED WITH
   2.2.16
